PATH
  remote: .
  specs:
    bmg (0.16.0.pre.rc2)
      predicate (~> 2.1)

GEM
  remote: https://rubygems.org/
  specs:
    diff-lcs (1.3)
    path (2.0.1)
    predicate (2.1.0)
      sexpr (~> 0.6.0)
    rake (10.5.0)
    rspec (3.7.0)
      rspec-core (~> 3.7.0)
      rspec-expectations (~> 3.7.0)
      rspec-mocks (~> 3.7.0)
    rspec-core (3.7.1)
      rspec-support (~> 3.7.0)
    rspec-expectations (3.7.0)
      diff-lcs (>= 1.2.0, < 2.0)
      rspec-support (~> 3.7.0)
    rspec-mocks (3.7.0)
      diff-lcs (>= 1.2.0, < 2.0)
      rspec-support (~> 3.7.0)
    rspec-support (3.7.1)
    sequel (5.8.0)
    sexpr (0.6.0)
    sqlite3 (1.3.13)

PLATFORMS
  ruby

DEPENDENCIES
  bmg!
  path (>= 1.3)
  rake (~> 10)
  rspec (~> 3.6)
  sequel
  sqlite3

BUNDLED WITH
   1.16.0
